GEM
  remote: https://rubygems.org/
  specs:
    concurrent-ruby (1.1.5)
    htmlentities (4.3.4)
    mustermann (1.0.3)
    rack (2.0.7)
    rack-protection (2.0.5)
      rack
    semantic_logger (4.5.0)
      concurrent-ruby (~> 1.0)
    sinatra (2.0.5)
      mustermann (~> 1.0)
      rack (~> 2.0)
      rack-protection (= 2.0.5)
      tilt (~> 2.0)
    sinatra-logger (0.3.2)
      semantic_logger
      sinatra
    tilt (2.0.9)

PLATFORMS
  ruby

DEPENDENCIES
  htmlentities
  sinatra
  sinatra-logger (>= 0.2.6)

BUNDLED WITH
   2.0.2
