GEM
  remote: https://rubygems.org/
  specs:
    concurrent-ruby (1.0.5)
    htmlentities (4.3.4)
    mustermann (1.0.2)
    rack (2.0.5)
    rack-protection (2.0.1)
      rack
    semantic_logger (4.3.0)
      concurrent-ruby (~> 1.0)
    sinatra (2.0.1)
      mustermann (~> 1.0)
      rack (~> 2.0)
      rack-protection (= 2.0.1)
      tilt (~> 2.0)
    sinatra-logger (0.3.2)
      semantic_logger
      sinatra
    tilt (2.0.8)

PLATFORMS
  ruby

DEPENDENCIES
  htmlentities
  sinatra
  sinatra-logger (>= 0.2.6)

BUNDLED WITH
   1.16.1
