GEM
  remote: https://rubygems.org/
  specs:
    htmlentities (4.3.4)
    mustermann (1.0.3)
    rack (2.0.7)
    rack-protection (2.0.5)
      rack
    sinatra (2.0.5)
      mustermann (~> 1.0)
      rack (~> 2.0)
      rack-protection (= 2.0.5)
      tilt (~> 2.0)
    tilt (2.0.9)

PLATFORMS
  ruby

DEPENDENCIES
  htmlentities
  sinatra

BUNDLED WITH
   2.0.2
